GEM
  remote: https://rubygems.org/
  specs:
    byebug (11.1.3)
    nio4r (2.5.7)
    puma (5.3.1)
      nio4r (~> 2.0)
    rack (2.2.3)

PLATFORMS
  ruby

DEPENDENCIES
  byebug
  puma
  rack

BUNDLED WITH
   2.2.16
