GEM
  remote: https://rubygems.org/
  specs:
    byebug (11.0.1)
    puma (3.12.1)
    rack (2.0.7)

PLATFORMS
  ruby

DEPENDENCIES
  byebug
  puma
  rack

RUBY VERSION
   ruby 2.6.3p62

BUNDLED WITH
   2.0.1
