GEM
  remote: https://rubygems.org/
  specs:
    byebug (11.0.1)
    nio4r (2.5.2)
    puma (4.3.1)
      nio4r (~> 2.0)
    rack (2.0.8)

PLATFORMS
  ruby

DEPENDENCIES
  byebug
  puma
  rack

BUNDLED WITH
   2.0.2
