GEM
  remote: https://rubygems.org/
  specs:
    byebug (11.1.3)
    nio4r (2.5.8)
    puma (5.6.4)
      nio4r (~> 2.0)
    rack (2.2.3)

PLATFORMS
  ruby

DEPENDENCIES
  byebug
  puma
  rack

BUNDLED WITH
   2.3.11
